PATH
  remote: ../..
  specs:
    omniauth-tailscale (0.0.1)
      omniauth (~> 2.0)
      tsclient (~> 0.1.0)

GEM
  remote: https://rubygems.org/
  specs:
    base64 (0.2.0)
    debug (1.9.2)
      irb (~> 1.10)
      reline (>= 0.3.8)
    hashie (5.0.0)
    io-console (0.7.2)
    irb (1.12.0)
      rdoc
      reline (>= 0.4.2)
    json (2.7.2)
    mustermann (3.0.0)
      ruby2_keywords (~> 0.0.1)
    nio4r (2.7.1)
    omniauth (2.1.2)
      hashie (>= 3.4.6)
      rack (>= 2.2.3)
      rack-protection
    psych (5.1.2)
      stringio
    puma (6.4.2)
      nio4r (~> 2.0)
    rack (2.2.9)
    rack-protection (3.2.0)
      base64 (>= 0.1.0)
      rack (~> 2.2, >= 2.2.4)
    rdoc (6.6.3.1)
      psych (>= 4.0.0)
    reline (0.5.2)
      io-console (~> 0.5)
    ruby2_keywords (0.0.5)
    sinatra (3.2.0)
      mustermann (~> 3.0)
      rack (~> 2.2, >= 2.2.4)
      rack-protection (= 3.2.0)
      tilt (~> 2.0)
    stringio (3.1.0)
    tilt (2.3.0)
    tsclient (0.1.1)
      json (~> 2.5)
      values (~> 1.8)
    values (1.8.0)

PLATFORMS
  ruby

DEPENDENCIES
  debug (>= 1.0.0)
  omniauth (~> 2.0, < 3)
  omniauth-tailscale!
  puma (~> 6.0)
  sinatra (~> 3.0, < 4)

BUNDLED WITH
   2.3.24
