PATH
  remote: ../..
  specs:
    omniauth-tailscale (0.0.1)
      omniauth (~> 2.0)
      tsclient (~> 0.1.0)

GEM
  remote: https://rubygems.org/
  specs:
    debug (1.6.2)
      irb (>= 1.3.6)
      reline (>= 0.3.1)
    hashie (5.0.0)
    io-console (0.5.11)
    irb (1.4.2)
      reline (>= 0.3.0)
    json (2.6.2)
    mustermann (3.0.0)
      ruby2_keywords (~> 0.0.1)
    nio4r (2.5.8)
    omniauth (2.1.0)
      hashie (>= 3.4.6)
      rack (>= 2.2.3)
      rack-protection
    puma (6.0.0)
      nio4r (~> 2.0)
    rack (2.2.4)
    rack-protection (3.0.2)
      rack
    reline (0.3.1)
      io-console (~> 0.5)
    ruby2_keywords (0.0.5)
    sinatra (3.0.2)
      mustermann (~> 3.0)
      rack (~> 2.2, >= 2.2.4)
      rack-protection (= 3.0.2)
      tilt (~> 2.0)
    tilt (2.0.11)
    tsclient (0.1.1)
      json (~> 2.5)
      values (~> 1.8)
    values (1.8.0)

PLATFORMS
  arm64-darwin-21

DEPENDENCIES
  debug (>= 1.0.0)
  omniauth (~> 2.0, < 3)
  omniauth-tailscale!
  puma (~> 6.0)
  sinatra (~> 3.0, < 4)

BUNDLED WITH
   2.3.24
